GIT
  remote: https://github.com/stympy/faker.git
  revision: f8e1b81f8da82ea9eb88c4939a3a6801f97e5ac1
  branch: master
  specs:
    faker (1.8.7)
      i18n (>= 0.7)

GEM
  remote: https://rubygems.org/
  specs:
    coderay (1.1.2)
    concurrent-ruby (1.0.5)
    i18n (1.0.1)
      concurrent-ruby (~> 1.0)
    method_source (0.9.0)
    pry (0.11.3)
      coderay (~> 1.1.0)
      method_source (~> 0.9.0)

PLATFORMS
  ruby

DEPENDENCIES
  faker!
  pry

BUNDLED WITH
   1.16.1
